GEM
  remote: https://rubygems.org/
  specs:
    actionmailer (2.3.18)
      actionpack (= 2.3.18)
    actionpack (2.3.18)
      activesupport (= 2.3.18)
      rack (~> 1.1.0)
    activerecord (2.3.18)
      activesupport (= 2.3.18)
    activeresource (2.3.18)
      activesupport (= 2.3.18)
    activesupport (2.3.18)
    acts_as_rateable (2.0.1)
    acts_as_taggable_on_steroids (1.2)
    acts_as_tree (0.2.0)
    builder (3.2.2)
    calendar_helper (0.2.6)
      open4
    diff-lcs (1.2.5)
    has_many_friends (0.0.1)
    hoptoad_notifier (2.4.11)
      activesupport
      builder
    open4 (1.3.4)
    paperclip (2.1.0)
    rack (1.1.6)
    rails (2.3.18)
      actionmailer (= 2.3.18)
      actionpack (= 2.3.18)
      activerecord (= 2.3.18)
      activeresource (= 2.3.18)
      activesupport (= 2.3.18)
      rake (>= 0.8.3)
    rake (10.4.2)
    rspec (2.99.0)
      rspec-core (~> 2.99.0)
      rspec-expectations (~> 2.99.0)
      rspec-mocks (~> 2.99.0)
    rspec-core (2.99.2)
    rspec-expectations (2.99.2)
      diff-lcs (>= 1.1.3, < 2.0)
    rspec-mocks (2.99.3)
    subdomain-fu (0.5.4)
    tiny_mce (0.1.8)
    will_paginate (3.0.7)

PLATFORMS
  ruby

DEPENDENCIES
  acts_as_rateable
  acts_as_taggable_on_steroids
  acts_as_tree
  calendar_helper
  has_many_friends
  hoptoad_notifier
  paperclip (= 2.1.0)
  rails (~> 2.3)
  rspec (~> 2.0)
  subdomain-fu
  tiny_mce
  will_paginate
