GEM
  remote: https://rubygems.org/
  specs:
    actionmailer (2.3.18)
      actionpack (= 2.3.18)
    actionpack (2.3.18)
      activesupport (= 2.3.18)
      rack (~> 1.1.0)
    activerecord (2.3.18)
      activesupport (= 2.3.18)
    activeresource (2.3.18)
      activesupport (= 2.3.18)
    activesupport (2.3.18)
    acts_as_rateable (2.0.1)
    acts_as_taggable_on_steroids (1.2)
    acts_as_tree (0.2.0)
    builder (3.2.2)
    calendar_helper (0.2.6)
      open4
    cucumber (1.3.19)
      builder (>= 2.1.2)
      diff-lcs (>= 1.1.3)
      gherkin (~> 2.12)
      multi_json (>= 1.7.5, < 2.0)
      multi_test (>= 0.1.2)
    diff-lcs (1.2.5)
    gherkin (2.12.2)
      multi_json (~> 1.3)
    has_many_friends (0.0.1)
    hoptoad_notifier (2.4.11)
      activesupport
      builder
    multi_json (1.11.0)
    multi_test (0.1.2)
    nokogiri (1.5.11)
    open4 (1.3.4)
    paperclip (2.1.0)
    pg (0.10.1)
    rack (1.1.6)
    rack-test (0.6.3)
      rack (>= 1.0)
    rails (2.3.18)
      actionmailer (= 2.3.18)
      actionpack (= 2.3.18)
      activerecord (= 2.3.18)
      activeresource (= 2.3.18)
      activesupport (= 2.3.18)
      rake (>= 0.8.3)
    rake (10.4.2)
    rspec (2.99.0)
      rspec-core (~> 2.99.0)
      rspec-expectations (~> 2.99.0)
      rspec-mocks (~> 2.99.0)
    rspec-core (2.99.2)
    rspec-expectations (2.99.2)
      diff-lcs (>= 1.1.3, < 2.0)
    rspec-mocks (2.99.3)
    rspec-rails (1.3.2)
      rack (>= 1.0.0)
      rspec (>= 1.3.0)
    subdomain-fu (0.5.4)
    tiny_mce (0.1.8)
    webrat (0.7.3)
      nokogiri (>= 1.2.0)
      rack (>= 1.0)
      rack-test (>= 0.5.3)
    will_paginate (3.0.7)

PLATFORMS
  ruby

DEPENDENCIES
  acts_as_rateable
  acts_as_taggable_on_steroids
  acts_as_tree
  calendar_helper
  cucumber (>= 0.3.0)
  has_many_friends
  hoptoad_notifier
  nokogiri (< 1.6)
  paperclip (= 2.1.0)
  pg (~> 0.10.0)
  rails (~> 2.3)
  rspec (~> 2.0)
  rspec-rails (>= 1.2.2)
  subdomain-fu
  tiny_mce
  webrat (>= 0.4.3)
  will_paginate
