GEM
  remote: https://rubygems.org/
  specs:
    actionmailer (2.3.3)
      actionpack (= 2.3.3)
    actionpack (2.3.3)
      activesupport (= 2.3.3)
      rack (~> 1.0.0)
    activerecord (2.3.3)
      activesupport (= 2.3.3)
    activeresource (2.3.3)
      activesupport (= 2.3.3)
    activesupport (2.3.3)
    acts_as_rateable (2.0.1)
    acts_as_taggable_on_steroids (1.2)
    acts_as_tree (0.2.0)
    builder (3.2.2)
    calendar_helper (0.2.6)
      open4
    cocaine (0.4.2)
    has_many_friends (0.0.1)
    hoptoad_notifier (2.4.11)
      activesupport
      builder
    mime-types (2.4.3)
    open4 (1.3.4)
    paperclip (2.8.0)
      activerecord (>= 2.3.0)
      activesupport (>= 2.3.2)
      cocaine (>= 0.0.2)
      cocaine (>= 0.0.2)
      cocaine (>= 0.0.2)
      cocaine (>= 0.0.2)
      cocaine (>= 0.0.2)
      cocaine (>= 0.0.2)
      cocaine (>= 0.0.2)
      cocaine (>= 0.0.2)
      cocaine (>= 0.0.2)
      cocaine (>= 0.0.2)
      cocaine (>= 0.0.2)
      cocaine (>= 0.0.2)
      cocaine (>= 0.0.2)
      cocaine (>= 0.0.2)
      cocaine (>= 0.0.2)
      cocaine (>= 0.0.2)
      cocaine (>= 0.0.2)
      mime-types
    rack (1.0.1)
    rails (2.3.3)
      actionmailer (= 2.3.3)
      actionpack (= 2.3.3)
      activerecord (= 2.3.3)
      activeresource (= 2.3.3)
      activesupport (= 2.3.3)
      rake (>= 0.8.3)
    rake (10.4.2)
    subdomain-fu (0.5.4)
    tiny_mce (0.1.8)
    will_paginate (3.0.7)

PLATFORMS
  ruby

DEPENDENCIES
  acts_as_rateable
  acts_as_taggable_on_steroids
  acts_as_tree
  calendar_helper
  has_many_friends
  hoptoad_notifier
  paperclip
  rails (= 2.3.3)
  subdomain-fu
  tiny_mce
  will_paginate
